PATH
  remote: .
  specs:
    octoparts (0.0.8)
      activesupport (> 4.0.0)
      faraday
      multi_json
      representable (~> 3.0)

GEM
  remote: https://rubygems.org/
  specs:
    activesupport (5.0.1)
      concurrent-ruby (~> 1.0, >= 1.0.2)
      i18n (~> 0.7)
      minitest (~> 5.1)
      tzinfo (~> 1.1)
    addressable (2.5.0)
      public_suffix (~> 2.0, >= 2.0.2)
    coderay (1.1.1)
    concurrent-ruby (1.0.4)
    coveralls (0.8.19)
      json (>= 1.8, < 3)
      simplecov (~> 0.12.0)
      term-ansicolor (~> 1.3)
      thor (~> 0.19.1)
      tins (~> 1.6)
    crack (0.4.3)
      safe_yaml (~> 1.0.0)
    declarative (0.0.9)
    declarative-option (0.1.0)
    docile (1.1.5)
    faraday (0.11.0)
      multipart-post (>= 1.2, < 3)
    hashdiff (0.3.2)
    i18n (0.8.0)
    json (2.0.3)
    method_source (0.8.2)
    minitest (5.10.1)
    multi_json (1.12.1)
    multipart-post (2.0.0)
    power_assert (1.0.1)
    pry (0.10.4)
      coderay (~> 1.1.0)
      method_source (~> 0.8.1)
      slop (~> 3.4)
    public_suffix (2.0.5)
    rake (10.5.0)
    representable (3.0.3)
      declarative (< 0.1.0)
      declarative-option (< 0.2.0)
      uber (< 0.2.0)
    safe_yaml (1.0.4)
    simplecov (0.12.0)
      docile (~> 1.1.0)
      json (>= 1.8, < 3)
      simplecov-html (~> 0.10.0)
    simplecov-html (0.10.0)
    slop (3.6.0)
    term-ansicolor (1.4.0)
      tins (~> 1.0)
    test-unit (3.2.3)
      power_assert
    thor (0.19.4)
    thread_safe (0.3.5)
    tins (1.13.2)
    tzinfo (1.2.2)
      thread_safe (~> 0.1)
    uber (0.1.0)
    vcr (3.0.3)
    webmock (2.3.2)
      addressable (>= 2.3.6)
      crack (>= 0.3.2)
      hashdiff

PLATFORMS
  ruby

DEPENDENCIES
  bundler (~> 1.7)
  coveralls
  octoparts!
  pry
  rake (~> 10.0)
  test-unit (~> 3.0)
  vcr
  webmock

BUNDLED WITH
   1.13.7
